GEM
  remote: https://rubygems.org/
  specs:
    mini_portile2 (2.0.0)
    nokogiri (1.6.7.2)
      mini_portile2 (~> 2.0.0.rc2)
    puma (3.4.0)
    rack (1.6.4)
    rack-protection (1.5.3)
      rack
    roo (2.1.1)
      nokogiri (~> 1)
      rubyzip (~> 1.1, < 2.0.0)
    roo-xls (1.0.0)
      nokogiri
      roo (>= 2.0.0beta1, < 3)
      spreadsheet (> 0.9.0)
    ruby-ole (1.2.12)
    rubyXL (3.3.18)
      nokogiri (>= 1.4.4)
      rubyzip (>= 1.1.6)
    rubyzip (1.2.0)
    sinatra (1.4.7)
      rack (~> 1.5)
      rack-protection (~> 1.4)
      tilt (>= 1.3, < 3)
    spreadsheet (1.1.2)
      ruby-ole (>= 1.0)
    tilt (2.0.3)

PLATFORMS
  ruby

DEPENDENCIES
  puma (~> 3.4)
  roo (~> 2.1.0)
  roo-xls
  rubyXL (~> 3.3, >= 3.3.17)
  sinatra (~> 1.4, >= 1.4.7)

BUNDLED WITH
   1.11.2
